PATH
  remote: .
  specs:
    empythree (1.0.1)
      bindata (~> 1.5.0)

GEM
  remote: http://rubygems.org/
  specs:
    bindata (1.5.1)
    diff-lcs (1.1.2)
    rake (0.9.2)
    rspec (2.6.0)
      rspec-core (~> 2.6.0)
      rspec-expectations (~> 2.6.0)
      rspec-mocks (~> 2.6.0)
    rspec-core (2.6.4)
    rspec-expectations (2.6.0)
      diff-lcs (~> 1.1.2)
    rspec-mocks (2.6.0)

PLATFORMS
  ruby
  x86-mingw32

DEPENDENCIES
  empythree!
  rake
  rspec
