PATH
  remote: .
  specs:
    mp3file (0.0.4)
      bindata

GEM
  remote: http://rubygems.org/
  specs:
    bindata (1.4.1)
    diff-lcs (1.1.2)
    rake (0.9.2)
    rspec (2.6.0)
      rspec-core (~> 2.6.0)
      rspec-expectations (~> 2.6.0)
      rspec-mocks (~> 2.6.0)
    rspec-core (2.6.4)
    rspec-expectations (2.6.0)
      diff-lcs (~> 1.1.2)
    rspec-mocks (2.6.0)

PLATFORMS
  ruby
  x86-mingw32

DEPENDENCIES
  mp3file!
  rake
  rspec
