PATH
  remote: .
  specs:
    mp3file (0.0.1)
      bindata

GEM
  remote: http://rubygems.org/
  specs:
    bindata (1.2.2)
    diff-lcs (1.1.2)
    rspec (2.3.0)
      rspec-core (~> 2.3.0)
      rspec-expectations (~> 2.3.0)
      rspec-mocks (~> 2.3.0)
    rspec-core (2.3.1)
    rspec-expectations (2.3.0)
      diff-lcs (~> 1.1.2)
    rspec-mocks (2.3.0)

PLATFORMS
  ruby

DEPENDENCIES
  bindata
  mp3file!
  rspec
